PATH
  remote: .
  specs:
    discourse-import-vbulletin (0.0.1)

GEM
  remote: http://rubygems.org/
  specs:

PLATFORMS
  ruby

DEPENDENCIES
  discourse-import-vbulletin!
